PATH
  remote: .
  specs:
    katello (2.1.0)
      anemone
      bastion
      compass-960-plugin
      compass-rails (< 1.1.4)
      deface (< 1.0.0)
      foreman-tasks (~> 0.6.0)
      foreman_docker (>= 0.2.0)
      gettext_i18n_rails
      haml-rails
      hooks
      i18n_data (>= 0.2.6)
      jquery-ui-rails
      json
      justified
      less-rails (~> 2.5.0)
      logging (>= 1.8.0)
      maruku
      oauth
      rabl
      rails
      rest-client
      runcible (>= 1.3.0)
      sass-rails
      strong_parameters (~> 0.2.1)
      tire (~> 0.6.2)
      ui_alchemy-rails (= 1.0.12)
      uuidtools

GEM
  remote: https://rubygems.org/
  specs:
    actionmailer (3.2.21)
      actionpack (= 3.2.21)
      mail (~> 2.5.4)
    actionpack (3.2.21)
      activemodel (= 3.2.21)
      activesupport (= 3.2.21)
      builder (~> 3.0.0)
      erubis (~> 2.7.0)
      journey (~> 1.0.4)
      rack (~> 1.4.5)
      rack-cache (~> 1.2)
      rack-test (~> 0.6.1)
      sprockets (~> 2.2.1)
    activemodel (3.2.21)
      activesupport (= 3.2.21)
      builder (~> 3.0.0)
    activerecord (3.2.21)
      activemodel (= 3.2.21)
      activesupport (= 3.2.21)
      arel (~> 3.0.2)
      tzinfo (~> 0.3.29)
    activeresource (3.2.21)
      activemodel (= 3.2.21)
      activesupport (= 3.2.21)
    activesupport (3.2.21)
      i18n (~> 0.6, >= 0.6.4)
      multi_json (~> 1.0)
    algebrick (0.4.0)
    anemone (0.7.2)
      nokogiri (>= 1.3.0)
      robotex (>= 1.0.0)
    angular-rails-templates (0.0.7)
      railties (>= 3.1)
      sprockets
    ansi (1.4.3)
    apipie-params (0.0.3)
      activesupport
      rake
    archive-tar-minitar (0.5.2)
    arel (3.0.3)
    bastion (0.1.9)
      angular-rails-templates (~> 0.0.4)
    builder (3.0.4)
    chunky_png (1.3.3)
    commonjs (0.2.7)
    compass (1.0.1)
      chunky_png (~> 1.2)
      compass-core (~> 1.0.1)
      compass-import-once (~> 1.0.5)
      rb-fsevent (>= 0.9.3)
      rb-inotify (>= 0.9)
      sass (>= 3.3.13, < 3.5)
    compass-960-plugin (0.10.4)
      compass (>= 0.10.0)
    compass-core (1.0.1)
      multi_json (~> 1.0)
      sass (>= 3.3.0, < 3.5)
    compass-import-once (1.0.5)
      sass (>= 3.2, < 3.5)
    compass-rails (1.1.3)
      compass (>= 0.12.2)
    daemons (1.1.9)
    deface (0.9.1)
      nokogiri (~> 1.5.0)
      rails (~> 3.1)
    docker-api (1.15.0)
      archive-tar-minitar
      excon (>= 0.38.0)
      json
    dynflow (0.7.5)
      activesupport
      algebrick (~> 0.4.0)
      apipie-params
      multi_json
      uuidtools
    erubis (2.7.0)
    excon (0.41.0)
    fast_gettext (0.9.0)
    ffi (1.9.6)
    foreman-tasks (0.6.10)
      daemons
      dynflow (>= 0.7.2)
      rails (~> 3.2.0)
      sequel
      sinatra
      uuidtools
    foreman_docker (0.2.0)
      docker-api (~> 1.13)
      wicked (~> 1.1)
    gettext_i18n_rails (1.1.0)
      fast_gettext (>= 0.9.0)
    haml (4.0.5)
      tilt
    haml-rails (0.4)
      actionpack (>= 3.1, < 4.1)
      activesupport (>= 3.1, < 4.1)
      haml (>= 3.1, < 4.1)
      railties (>= 3.1, < 4.1)
    hashr (0.0.22)
    hike (1.2.3)
    hooks (0.4.0)
      uber (~> 0.0.4)
    i18n (0.6.11)
    i18n_data (0.6.0)
    journey (1.0.4)
    jquery-ui-rails (5.0.2)
      railties (>= 3.2.16)
    json (1.8.1)
    justified (0.0.4)
    less (2.5.1)
      commonjs (~> 0.2.7)
    less-rails (2.5.0)
      actionpack (>= 3.1)
      less (~> 2.5.0)
    little-plugger (1.1.3)
    logging (1.8.2)
      little-plugger (>= 1.1.3)
      multi_json (>= 1.8.4)
    mail (2.5.4)
      mime-types (~> 1.16)
      treetop (~> 1.4.8)
    maruku (0.7.2)
    mime-types (1.25.1)
    multi_json (1.10.1)
    netrc (0.8.0)
    nokogiri (1.5.11)
    oauth (0.4.7)
    polyglot (0.3.5)
    rabl (0.11.4)
      activesupport (>= 2.3.14)
    rack (1.4.5)
    rack-cache (1.2)
      rack (>= 0.4)
    rack-protection (1.5.3)
      rack
    rack-ssl (1.3.4)
      rack
    rack-test (0.6.2)
      rack (>= 1.0)
    rails (3.2.21)
      actionmailer (= 3.2.21)
      actionpack (= 3.2.21)
      activerecord (= 3.2.21)
      activeresource (= 3.2.21)
      activesupport (= 3.2.21)
      bundler (~> 1.0)
      railties (= 3.2.21)
    railties (3.2.21)
      actionpack (= 3.2.21)
      activesupport (= 3.2.21)
      rack-ssl (~> 1.3.2)
      rake (>= 0.8.7)
      rdoc (~> 3.4)
      thor (>= 0.14.6, < 2.0)
    rake (10.3.2)
    rb-fsevent (0.9.4)
    rb-inotify (0.9.5)
      ffi (>= 0.5.0)
    rdoc (3.12.2)
      json (~> 1.4)
    rest-client (1.7.2)
      mime-types (>= 1.16, < 3.0)
      netrc (~> 0.7)
    robotex (1.0.0)
    runcible (1.3.0)
      activesupport (>= 3.0.10)
      i18n (>= 0.5.0)
      json
      oauth
      rest-client (>= 1.6.1)
    sass (3.4.8)
    sass-rails (3.2.6)
      railties (~> 3.2.0)
      sass (>= 3.1.10)
      tilt (~> 1.3)
    sequel (4.16.0)
    sinatra (1.4.5)
      rack (~> 1.4)
      rack-protection (~> 1.4)
      tilt (~> 1.3, >= 1.3.4)
    sprockets (2.2.3)
      hike (~> 1.2)
      multi_json (~> 1.0)
      rack (~> 1.0)
      tilt (~> 1.1, != 1.3.0)
    strong_parameters (0.2.2)
      actionpack (~> 3.0)
      activemodel (~> 3.0)
      railties (~> 3.0)
    thor (0.19.1)
    tilt (1.4.1)
    tire (0.6.2)
      activemodel (>= 3.0)
      activesupport
      ansi
      hashr (~> 0.0.19)
      multi_json (~> 1.3)
      rake
      rest-client (~> 1.6)
    treetop (1.4.15)
      polyglot
      polyglot (>= 0.3.1)
    tzinfo (0.3.42)
    uber (0.0.11)
    ui_alchemy-rails (1.0.12)
      rails (>= 3.0.0)
    uuidtools (2.1.5)
    wicked (1.1.0)
      rails (>= 3.0.7)

PLATFORMS
  ruby

DEPENDENCIES
  katello!
